PATH
  remote: .
  specs:
    irc_machine (0.0.1)
      daemons
      em-websocket
      eventmachine
      eventmachine_httpserver
      rack

GEM
  remote: http://rubygems.org/
  specs:
    addressable (2.3.2)
    daemons (1.1.9)
    diff-lcs (1.1.3)
    em-websocket (0.3.8)
      addressable (>= 2.1.1)
      eventmachine (>= 0.12.9)
    eventmachine (1.0.0)
    eventmachine_httpserver (0.2.1)
    json (1.7.3)
    juici-interface (0.0.0)
    macaddr (1.6.1)
      systemu (~> 2.5.0)
    meminator (0.0.8)
    metaclass (0.0.1)
    mocha (0.11.4)
      metaclass (~> 0.0.1)
    rack (1.4.1)
    rake (0.9.2.2)
    rspec (2.10.0)
      rspec-core (~> 2.10.0)
      rspec-expectations (~> 2.10.0)
      rspec-mocks (~> 2.10.0)
    rspec-core (2.10.1)
    rspec-expectations (2.10.0)
      diff-lcs (~> 1.1.3)
    rspec-mocks (2.10.1)
    systemu (2.5.2)
    uuid (2.3.5)
      macaddr (~> 1.0)

PLATFORMS
  ruby

DEPENDENCIES
  bundler
  irc_machine!
  json
  juici-interface
  meminator
  mocha
  rake
  rspec
  uuid
